GIT
  remote: https://github.com/spookandpuff/islay-blog.git
  revision: c194624a4f944e06f86d75187bd1be90071aa634
  specs:
    islay_blog (0.5.0)
      friendly_id (~> 4.0.8)
      htmlentities (~> 4.3.1)
      humanizer (~> 2.4.4)
      islay (~> 0.5.0)
      rdiscount (~> 1.6.8)

GIT
  remote: https://github.com/spookandpuff/islay-shop.git
  revision: cb35cdf291fc173e6a90e5ed06e70d69170f7c2d
  specs:
    islay_shop (0.5.0)
      draper (~> 0.17.0)
      friendly_id (~> 4.0.8)
      islay (~> 0.5.0)

GIT
  remote: https://github.com/spookandpuff/islay.git
  revision: 1e4984004e3678a6339f3c271d8cfe559c2dc3bf
  specs:
    islay (0.5.0)
      activerecord-postgres-hstore (~> 0.3.0)
      acts_as_list (~> 0.1.8)
      cells (~> 3.8.5)
      compass-rails (~> 1.0.1)
      devise (~> 2.0.4)
      fog (~> 1.5.0)
      friendly_id (~> 4.0.8)
      girl_friday (~> 0.9.7)
      haml (~> 3.1.5)
      hierarchy (~> 1.0.6)
      inherited_resources (~> 1.3.1)
      jquery-rails (~> 2.0.2)
      jsonify-rails (~> 0.3.2)
      kaminari (~> 0.13.0)
      mime-types (~> 1.18)
      mime-types (~> 1.19)
      pg (~> 0.13.2)
      rails (~> 3.2.7)
      rmagick (~> 2.13.1)
      rmagick (~> 2.13.1)
      sass-rails (~> 3.2.5)
      schema_plus (~> 0.4.0)
      simple_form (~> 2.0.2)
      streamio-ffmpeg (~> 0.8.5)
      zipruby (~> 0.3.6)

GIT
  remote: https://github.com/spookandpuff/spooky-core.git
  revision: 89e1578c3f8d5585ee9b955dab7064e56569d8fa
  specs:
    spooky_core (0.11)
      httparty (>= 0.8.1)
      nokogiri (>= 1.5.0)

GEM
  remote: https://rubygems.org/
  specs:
    actionmailer (3.2.8)
      actionpack (= 3.2.8)
      mail (~> 2.4.4)
    actionpack (3.2.8)
      activemodel (= 3.2.8)
      activesupport (= 3.2.8)
      builder (~> 3.0.0)
      erubis (~> 2.7.0)
      journey (~> 1.0.4)
      rack (~> 1.4.0)
      rack-cache (~> 1.2)
      rack-test (~> 0.6.1)
      sprockets (~> 2.1.3)
    activemodel (3.2.8)
      activesupport (= 3.2.8)
      builder (~> 3.0.0)
    activerecord (3.2.8)
      activemodel (= 3.2.8)
      activesupport (= 3.2.8)
      arel (~> 3.0.2)
      tzinfo (~> 0.3.29)
    activerecord-postgres-hstore (0.3.0)
      activerecord
      rake
    activeresource (3.2.8)
      activemodel (= 3.2.8)
      activesupport (= 3.2.8)
    activesupport (3.2.8)
      i18n (~> 0.6)
      multi_json (~> 1.0)
    acts_as_list (0.1.8)
    arel (3.0.2)
    bcrypt-ruby (3.0.1)
    builder (3.0.4)
    cells (3.8.6)
      actionpack (~> 3.0)
      railties (~> 3.0)
    chunky_png (1.2.6)
    compass (0.12.2)
      chunky_png (~> 1.2)
      fssm (>= 0.2.7)
      sass (~> 3.1)
    compass-rails (1.0.3)
      compass (>= 0.12.2, < 0.14)
    connection_pool (0.1.0)
    devise (2.0.4)
      bcrypt-ruby (~> 3.0)
      orm_adapter (~> 0.0.3)
      railties (~> 3.1)
      warden (~> 1.1.1)
    draper (0.17.0)
      actionpack (~> 3.2)
      activesupport (~> 3.2)
    erubis (2.7.0)
    excon (0.16.7)
    execjs (1.4.0)
      multi_json (~> 1.0)
    fog (1.5.0)
      builder
      excon (~> 0.14)
      formatador (~> 0.2.0)
      mime-types
      multi_json (~> 1.0)
      net-scp (~> 1.0.4)
      net-ssh (>= 2.1.3)
      nokogiri (~> 1.5.0)
      ruby-hmac
    formatador (0.2.3)
    friendly_id (4.0.8)
    fssm (0.2.9)
    girl_friday (0.9.7)
      connection_pool (~> 0.1.0)
    haml (3.1.7)
    has_scope (0.5.1)
    hierarchy (1.0.6)
      pg
      rails (>= 3.0.2)
    hike (1.2.1)
    htmlentities (4.3.1)
    httparty (0.9.0)
      multi_json (~> 1.0)
      multi_xml
    humanizer (2.4.4)
    i18n (0.6.1)
    inherited_resources (1.3.1)
      has_scope (~> 0.5.0)
      responders (~> 0.6)
    journey (1.0.4)
    jquery-rails (2.0.3)
      railties (>= 3.1.0, < 5.0)
      thor (~> 0.14)
    json (1.7.5)
    jsonify (0.3.1)
      multi_json (~> 1.0)
    jsonify-rails (0.3.2)
      actionpack
      jsonify (< 0.4.0)
    kaminari (0.13.0)
      actionpack (>= 3.0.0)
      activesupport (>= 3.0.0)
      railties (>= 3.0.0)
    mail (2.4.4)
      i18n (>= 0.4.0)
      mime-types (~> 1.16)
      treetop (~> 1.4.8)
    mime-types (1.19)
    multi_json (1.3.6)
    multi_xml (0.5.1)
    net-scp (1.0.4)
      net-ssh (>= 1.99.1)
    net-ssh (2.6.1)
    nokogiri (1.5.5)
    orm_adapter (0.0.7)
    pg (0.13.2)
    polyglot (0.3.3)
    puma (1.6.3)
      rack (~> 1.2)
    rack (1.4.1)
    rack-cache (1.2)
      rack (>= 0.4)
    rack-ssl (1.3.2)
      rack
    rack-test (0.6.2)
      rack (>= 1.0)
    rails (3.2.8)
      actionmailer (= 3.2.8)
      actionpack (= 3.2.8)
      activerecord (= 3.2.8)
      activeresource (= 3.2.8)
      activesupport (= 3.2.8)
      bundler (~> 1.0)
      railties (= 3.2.8)
    railties (3.2.8)
      actionpack (= 3.2.8)
      activesupport (= 3.2.8)
      rack-ssl (~> 1.3.2)
      rake (>= 0.8.7)
      rdoc (~> 3.4)
      thor (>= 0.14.6, < 2.0)
    rake (0.9.2.2)
    rdiscount (1.6.8)
    rdoc (3.12)
      json (~> 1.4)
    responders (0.9.3)
      railties (~> 3.1)
    rmagick (2.13.1)
    ruby-hmac (0.4.0)
    sass (3.2.1)
    sass-rails (3.2.5)
      railties (~> 3.2.0)
      sass (>= 3.1.10)
      tilt (~> 1.3)
    schema_plus (0.4.1)
      rails
      valuable
    simple_form (2.0.4)
      actionpack (~> 3.0)
      activemodel (~> 3.0)
    sprockets (2.1.3)
      hike (~> 1.2)
      rack (~> 1.0)
      tilt (~> 1.1, != 1.3.0)
    streamio-ffmpeg (0.8.5)
    thor (0.16.0)
    tilt (1.3.3)
    treetop (1.4.11)
      polyglot
      polyglot (>= 0.3.1)
    tzinfo (0.3.33)
    uglifier (1.3.0)
      execjs (>= 0.3.0)
      multi_json (~> 1.0, >= 1.0.2)
    valuable (0.9.6)
    warden (1.1.1)
      rack (>= 1.0)
    zipruby (0.3.6)

PLATFORMS
  ruby

DEPENDENCIES
  islay!
  islay_blog!
  islay_shop!
  pg
  puma (= 1.6.3)
  sass-rails (~> 3.2.3)
  spooky_core!
  uglifier (>= 1.0.3)
